GEM
  remote: http://rubygems.org/
  specs:
    minitest (5.4.0)
    rake (12.3.3)

PLATFORMS
  ruby

DEPENDENCIES
  minitest (~> 5.0)
  rake
