GEM
  remote: http://rubygems.org/
  specs:
    minitest (5.4.0)
    rake (10.3.2)

PLATFORMS
  ruby

DEPENDENCIES
  minitest (~> 5.0)
  rake
